PATH
  remote: .
  specs:
    http_lucas (0.1.0)

GEM
  remote: https://rubygems.org/
  specs:
    faraday (1.3.0)
      faraday-net_http (~> 1.0)
      multipart-post (>= 1.2, < 3)
      ruby2_keywords
    faraday-net_http (1.0.1)
    multipart-post (2.1.1)
    rake (12.3.3)
    ruby2_keywords (0.0.4)

PLATFORMS
  x64-mingw32

DEPENDENCIES
  faraday (~> 1.3)
  http_lucas!
  rake (~> 12.0)

BUNDLED WITH
   2.1.4
